PATH
  remote: .
  specs:
    audio_switch (0.0.1)
      gtk2 (= 3.0.8)
      ruby-libappindicator (= 0.1.5)

GEM
  remote: https://rubygems.org/
  specs:
    ast (2.3.0)
    atk (3.0.8)
      glib2 (= 3.0.8)
    cairo (1.15.2)
      pkg-config (>= 1.1.5)
    diff-lcs (1.2.5)
    gdk_pixbuf2 (3.0.8)
      glib2 (= 3.0.8)
    glib2 (3.0.8)
      pkg-config
    gtk2 (3.0.8)
      atk (= 3.0.8)
      gdk_pixbuf2 (= 3.0.8)
      pango (= 3.0.8)
    pango (3.0.8)
      cairo (>= 1.14.0)
      glib2 (= 3.0.8)
    parser (2.3.1.2)
      ast (~> 2.2)
    pkg-config (1.1.7)
    powerpack (0.1.1)
    rainbow (2.1.0)
    rake (11.2.2)
    rspec (3.5.0)
      rspec-core (~> 3.5.0)
      rspec-expectations (~> 3.5.0)
      rspec-mocks (~> 3.5.0)
    rspec-core (3.5.1)
      rspec-support (~> 3.5.0)
    rspec-expectations (3.5.0)
      diff-lcs (>= 1.2.0, < 2.0)
      rspec-support (~> 3.5.0)
    rspec-mocks (3.5.0)
      diff-lcs (>= 1.2.0, < 2.0)
      rspec-support (~> 3.5.0)
    rspec-support (3.5.0)
    rspec-wait (0.0.9)
      rspec (>= 3, < 4)
    rubocop (0.41.2)
      parser (>= 2.3.1.1, < 3.0)
      powerpack (~> 0.1)
      rainbow (>= 1.99.1, < 3.0)
      ruby-progressbar (~> 1.7)
      unicode-display_width (~> 1.0, >= 1.0.1)
    ruby-libappindicator (0.1.5)
      gtk2
      pkg-config
    ruby-progressbar (1.8.1)
    unicode-display_width (1.1.0)

PLATFORMS
  ruby

DEPENDENCIES
  audio_switch!
  bundler (~> 1.12)
  rake (~> 11.2)
  rspec (~> 3.5)
  rspec-wait (~> 0.0.9)
  rubocop (~> 0.41)

BUNDLED WITH
   1.12.5
